PATH
  remote: .
  specs:
    breezer (0.1.0)
      bundler (> 1.0)

GEM
  remote: https://rubygems.org/
  specs:
    bump (0.8.0)
    minitest (5.14.0)
    minitest-around (0.5.0)
      minitest (~> 5.0)
    rake (13.0.1)

PLATFORMS
  ruby

DEPENDENCIES
  breezer!
  bump
  minitest
  minitest-around
  rake (>= 10.0.0)

BUNDLED WITH
   2.1.4
